GEM
  remote: https://rubygems.org/
  specs:
    addressable (2.3.6)
    css_parser (1.3.5)
      addressable
    htmlentities (4.3.2)
    mail (2.6.1)
      mime-types (>= 1.16, < 3)
    mime-types (2.4.3)
    mini_portile (0.6.0)
    nokogiri (1.6.3.1)
      mini_portile (= 0.6.0)
    pakyow (0.8.0)
      bundler (~> 1.5)
      pakyow-core (= 0.8.0)
      pakyow-mailer (= 0.8.0)
      pakyow-presenter (= 0.8.0)
    pakyow-core (0.8.0)
      rack (~> 1.5)
    pakyow-mailer (0.8.0)
      mail (~> 2.5)
      pakyow-core (= 0.8.0)
      pakyow-presenter (= 0.8.0)
      premailer (~> 1.8)
    pakyow-presenter (0.8.0)
      nokogiri (~> 1.6)
      pakyow-core (= 0.8.0)
    premailer (1.8.2)
      css_parser (>= 1.3.5)
      htmlentities (>= 4.0.0)
    puma (2.9.2)
      rack (>= 1.1, < 2.0)
    rack (1.5.2)

PLATFORMS
  ruby

DEPENDENCIES
  pakyow (= 0.8)
  puma
